PATH
  remote: .
  specs:
    gl_exporter (1.2.0)
      activesupport (~> 4.2.6)
      dotenv (~> 2.1.1)
      faraday (~> 0.13)
      faraday-http-cache (~> 1.2.2)
      faraday_middleware (~> 0.10.0)
      posix-spawn (~> 0.3.0)
      rugged (~> 0.28.3.1)

GEM
  remote: https://rubygems.org/
  specs:
    activesupport (4.2.11.1)
      i18n (~> 0.7)
      minitest (~> 5.1)
      thread_safe (~> 0.3, >= 0.3.4)
      tzinfo (~> 1.1)
    addressable (2.8.0)
      public_suffix (>= 2.0.2, < 5.0)
    binding_of_caller (0.7.2)
      debug_inspector (>= 0.0.1)
    byebug (9.0.6)
    climate_control (0.1.0)
    coderay (1.1.1)
    concurrent-ruby (1.1.5)
    crack (0.4.3)
      safe_yaml (~> 1.0.0)
    debug_inspector (0.0.3)
    diff-lcs (1.3)
    dotenv (2.1.2)
    faraday (0.17.3)
      multipart-post (>= 1.2, < 3)
    faraday-http-cache (1.2.2)
      faraday (~> 0.8)
    faraday_middleware (0.10.1)
      faraday (>= 0.7.4, < 1.0)
    github-markup (1.6.0)
    hashdiff (0.3.4)
    i18n (0.9.5)
      concurrent-ruby (~> 1.0)
    interception (0.5)
    method_source (0.8.2)
    minitest (5.14.0)
    multipart-post (2.1.1)
    posix-spawn (0.3.13)
    pry (0.10.4)
      coderay (~> 1.1.0)
      method_source (~> 0.8.1)
      slop (~> 3.4)
    pry-byebug (3.4.2)
      byebug (~> 9.0)
      pry (~> 0.10)
    pry-rescue (1.4.5)
      interception (>= 0.5)
      pry
    pry-stack_explorer (0.4.9.2)
      binding_of_caller (>= 0.7)
      pry (>= 0.9.11)
    public_suffix (4.0.6)
    rake (13.0.6)
    redcarpet (3.5.1)
    rspec (3.6.0)
      rspec-core (~> 3.6.0)
      rspec-expectations (~> 3.6.0)
      rspec-mocks (~> 3.6.0)
    rspec-core (3.6.0)
      rspec-support (~> 3.6.0)
    rspec-expectations (3.6.0)
      diff-lcs (>= 1.2.0, < 2.0)
      rspec-support (~> 3.6.0)
    rspec-mocks (3.6.0)
      diff-lcs (>= 1.2.0, < 2.0)
      rspec-support (~> 3.6.0)
    rspec-support (3.6.0)
    rugged (0.28.3.1)
    safe_yaml (1.0.4)
    slop (3.6.0)
    thread_safe (0.3.6)
    tzinfo (1.2.6)
      thread_safe (~> 0.1)
    vcr (3.0.3)
    webmock (3.0.1)
      addressable (>= 2.3.6)
      crack (>= 0.3.2)
      hashdiff
    yard (0.9.20)

PLATFORMS
  ruby

DEPENDENCIES
  addressable (~> 2.8.0)
  bundler (>= 1.3.0)
  climate_control (~> 0.1.0)
  github-markup
  gl_exporter!
  pry-byebug (~> 3.4.0)
  pry-rescue
  pry-stack_explorer
  rake (~> 13.0)
  redcarpet
  rspec
  vcr
  webmock
  yard (~> 0.9.11)

BUNDLED WITH
   2.1.4
